PATH
  remote: .
  specs:
    musique (0.0.1)

GEM
  remote: https://rubygems.org/
  specs:
    binding_of_caller (0.7.2)
      debug_inspector (>= 0.0.1)
    coderay (1.1.0)
    debug_inspector (0.0.2)
    diff-lcs (1.2.5)
    interception (0.3)
    json (1.8.1)
    method_source (0.8.2)
    pry (0.9.12.4)
      coderay (~> 1.0)
      method_source (~> 0.8)
      slop (~> 3.4)
    pry-doc (0.4.6)
      pry (>= 0.9)
      yard (>= 0.8)
    pry-rescue (1.1.1)
      interception (>= 0.3)
      pry
    pry-stack_explorer (0.4.9.1)
      binding_of_caller (>= 0.7)
      pry (>= 0.9.11)
    pry-theme (1.0.1)
      json
    rspec (3.0.0.beta1)
      rspec-core (= 3.0.0.beta1)
      rspec-expectations (= 3.0.0.beta1)
      rspec-mocks (= 3.0.0.beta1)
    rspec-core (3.0.0.beta1)
      rspec-support (= 3.0.0.beta1)
    rspec-expectations (3.0.0.beta1)
      diff-lcs (>= 1.1.3, < 2.0)
      rspec-support (= 3.0.0.beta1)
    rspec-mocks (3.0.0.beta1)
      rspec-support (= 3.0.0.beta1)
    rspec-support (3.0.0.beta1)
    slop (3.4.7)
    yard (0.8.7.2)

PLATFORMS
  ruby

DEPENDENCIES
  musique!
  pry
  pry-doc
  pry-rescue
  pry-stack_explorer
  pry-theme
  rspec (~> 3.0.0.beta1)
